GEM
  remote: https://rubygems.org/
  specs:
    arr-pm (0.0.9)
      cabin (> 0)
    atomic (1.1.16)
    avl_tree (1.1.3)
    backports (3.6.0)
    cabin (0.6.1)
    childprocess (0.5.3)
      ffi (~> 1.0, >= 1.0.11)
    clamp (0.6.3)
    ffi (1.9.3)
    fpm (1.2.0)
      arr-pm (~> 0.0.9)
      backports (>= 2.6.2)
      cabin (>= 0.6.0)
      childprocess
      clamp (~> 0.6)
      ffi
      json (>= 1.7.7)
    hitimes (1.2.2)
    insist (1.0.0)
    ipaddress (0.8.0)
    json (1.8.1)
    metriks (0.9.9.6)
      atomic (~> 1.0)
      avl_tree (~> 1.1.2)
      hitimes (~> 1.1)
    mixlib-cli (1.5.0)
    mixlib-config (2.1.0)
    mixlib-log (1.6.0)
    mixlib-shellout (1.4.0)
    mustache (0.99.6)
    ohai (6.24.2)
      ipaddress
      mixlib-cli
      mixlib-config
      mixlib-log
      mixlib-shellout
      systemu (~> 2.5.2)
      yajl-ruby
    pleaserun (0.0.7)
      cabin (> 0)
      cabin
      clamp
      insist
      mustache
      ohai (~> 6.20)
      stud
    stud (0.0.17)
      ffi
      metriks
    systemu (2.5.2)
    yajl-ruby (1.2.1)

PLATFORMS
  ruby

DEPENDENCIES
  fpm
  pleaserun
